GEM
  specs:
    mini_portile2 (2.8.0)
    nokogiri (1.13.8)
      mini_portile2 (~> 2.8.0)

PLATFORMS
  ruby

DEPENDENCIES
  nokogiri

BUNDLED WITH
   1.17.2
